GEM
  remote: http://rubygems.org/
  remote: http://www.yum-repo.dev/gems/
  specs:
    childprocess (0.1.8)
      ffi (~> 1.0.6)
    diff-lcs (1.1.2)
    ffi (1.0.7-java)
    gem_plugin (0.2.3)
    jasmine (1.0.2.0)
      json_pure (>= 1.4.3)
      rack (>= 1.1)
      rspec (>= 1.3.1)
      selenium-webdriver (>= 0.1.3)
    json_pure (1.5.1)
    mongrel (1.1.5-java)
      gem_plugin (>= 0.2.3)
    rack (1.2.2)
    rspec (2.5.0)
      rspec-core (~> 2.5.0)
      rspec-expectations (~> 2.5.0)
      rspec-mocks (~> 2.5.0)
    rspec-core (2.5.1)
    rspec-expectations (2.5.0)
      diff-lcs (~> 1.1.2)
    rspec-mocks (2.5.0)
    rubyzip (0.9.4)
    selenium-webdriver (0.1.4)
      childprocess (>= 0.1.7)
      ffi (>= 1.0.7)
      json_pure
      rubyzip

PLATFORMS
  java

DEPENDENCIES
  jasmine (= 1.0.2.0)
  mongrel (= 1.1.5)
  rspec (= 2.5.0)
